GEM
  remote: https://rubygems.org/
  specs:
    concurrent-ruby (1.1.8)
    diff-lcs (1.2.5)
    docker-api (1.33.1)
      excon (>= 0.38.0)
      json
    excon (0.54.0)
    json (2.0.2)
    rake (10.4.0)
    rspec (3.2.0)
      rspec-core (~> 3.2.0)
      rspec-expectations (~> 3.2.0)
      rspec-mocks (~> 3.2.0)
    rspec-core (3.2.3)
      rspec-support (~> 3.2.0)
    rspec-expectations (3.2.1)
      diff-lcs (>= 1.2.0, < 2.0)
      rspec-support (~> 3.2.0)
    rspec-mocks (3.2.1)
      diff-lcs (>= 1.2.0, < 2.0)
      rspec-support (~> 3.2.0)
    rspec-support (3.2.2)

PLATFORMS
  ruby

DEPENDENCIES
  concurrent-ruby
  docker-api
  rake
  rspec

BUNDLED WITH
   1.13.6
